PATH
  remote: .
  specs:
    git (1.2.6)

GEM
  remote: https://rubygems.org/
  specs:
    columnize (0.3.6)
    json (1.7.7)
    linecache (0.46)
      rbx-require-relative (> 0.0.4)
    rbx-require-relative (0.0.9)
    rdoc (4.0.1)
      json (~> 1.4)
    ruby-debug (0.10.4)
      columnize (>= 0.1)
      ruby-debug-base (~> 0.10.4.0)
    ruby-debug-base (0.10.4)
      linecache (>= 0.3)
    ruby-prof (0.13.0)
    test-unit (2.5.4)

PLATFORMS
  ruby

DEPENDENCIES
  git!
  rdoc
  ruby-debug
  ruby-prof
  test-unit
